GEM
  remote: https://rubygems.org/
  specs:
    actionview (5.2.2.1)
      activesupport (= 5.2.2.1)
      builder (~> 3.1)
      erubi (~> 1.4)
      rails-dom-testing (~> 2.0)
      rails-html-sanitizer (~> 1.0, >= 1.0.3)
    activesupport (5.2.2.1)
      concurrent-ruby (~> 1.0, >= 1.0.2)
      i18n (>= 0.7, < 2)
      minitest (~> 5.1)
      tzinfo (~> 1.1)
    anti_captcha (2.1.0)
    aws_cf_signer (0.1.3)
    axiom-types (0.1.1)
      descendants_tracker (~> 0.0.4)
      ice_nine (~> 0.11.0)
      thread_safe (~> 0.3, >= 0.3.1)
    backports (3.12.0)
    backtrace (0.3.0)
    bacon (1.2.0)
    base62-rb (0.3.1)
    bitcoin (0.2.0)
      bitcoin-ruby
    bitcoin-ruby (0.0.19)
      eventmachine
      ffi
      scrypt
    block_io (1.2.0)
      ecdsa (~> 1.2, >= 1.2.0)
      httpclient (~> 2.8, >= 2.8.0)
      oj (~> 3.3, >= 3.3.5)
      pbkdf2-ruby (~> 0.2, >= 0.2.1)
    btce (0.5.5)
      monkey-patch (~> 0.1.0)
    builder (3.2.3)
    chartkick (3.0.2)
    childprocess (3.0.0)
    cloudinary (1.11.1)
      aws_cf_signer
      rest-client
    coercible (1.0.0)
      descendants_tracker (~> 0.0.1)
    colorize (0.8.1)
    concurrent-ruby (1.1.5)
    connection_pool (2.2.2)
    crass (1.0.4)
    daemons (1.3.1)
    descendants_tracker (0.0.4)
      thread_safe (~> 0.3, >= 0.3.1)
    domain_name (0.5.20180417)
      unf (>= 0.0.5, < 1.0.0)
    ecdsa (1.2.0)
    equalizer (0.0.11)
    erubi (1.8.0)
    eventmachine (1.2.7)
    ezcrypto (0.7.2)
    faraday (0.15.4)
      multipart-post (>= 1.2, < 3)
    faraday_middleware (0.13.1)
      faraday (>= 0.7.4, < 1.0)
    ffi (1.10.0)
    ffi-compiler (1.0.1)
      ffi (>= 1.0.0)
      rake
    geocoder (1.5.1)
    get_process_mem (0.2.3)
    git-version-bump (0.15.1)
    google_currency (3.4.1)
      money (~> 6.7)
    groupdate (4.1.1)
      activesupport (>= 4.2)
    haml (5.0.4)
      temple (>= 0.8.0)
      tilt
    hash_syntax (1.0.0)
      object_regex (~> 1.0.1)
      trollop (~> 1.16.2)
    hashids (1.0.5)
    hashie (3.6.0)
    http-cookie (1.0.3)
      domain_name (~> 0.5)
    httparty (0.16.4)
      mime-types (~> 3.0)
      multi_xml (>= 0.5.2)
    httpclient (2.8.3)
    i18n (1.6.0)
      concurrent-ruby (~> 1.0)
    ice_nine (0.11.2)
    inflecto (0.0.2)
    json (2.2.0)
    kgio (2.11.2)
    kramdown (2.1.0)
    logger (1.3.0)
    loofah (2.2.3)
      crass (~> 1.0.2)
      nokogiri (>= 1.5.9)
    mechanize (2.7.6)
      domain_name (~> 0.5, >= 0.5.1)
      http-cookie (~> 1.0)
      mime-types (>= 1.17.2)
      net-http-digest_auth (~> 1.1, >= 1.1.1)
      net-http-persistent (>= 2.5.2)
      nokogiri (~> 1.6)
      ntlm-http (~> 0.1, >= 0.1.1)
      webrobots (>= 0.0.9, < 0.2)
    mime-types (3.2.2)
      mime-types-data (~> 3.2015)
    mime-types-data (3.2018.0812)
    mini_portile2 (2.4.0)
    minitest (5.11.3)
    money (6.13.2)
      i18n (>= 0.6.4, <= 2)
    monkey-patch (0.1.0)
      activesupport
    multi_json (1.13.1)
    multi_xml (0.6.0)
    multipart-post (2.0.0)
    mustermann (1.0.3)
    net-http-digest_auth (1.4.1)
    net-http-persistent (3.0.0)
      connection_pool (~> 2.2)
    netrc (0.11.0)
    nokogiri (1.10.1)
      mini_portile2 (~> 2.4.0)
    ntlm-http (0.1.1)
    object_regex (1.0.1)
    oj (3.7.11)
    open_exchange_rates (0.5.1)
      yajl-ruby
    pbkdf2-ruby (0.2.1)
    pg (0.21.0)
    privatbank (0.0.3)
      builder
      hashie
      httparty
    public_suffix (3.0.3)
    rack (2.0.6)
    rack-protection (2.0.5)
      rack
    rack-timeout (0.5.1)
    rails-dom-testing (2.0.3)
      activesupport (>= 4.2.0)
      nokogiri (>= 1.6)
    rails-html-sanitizer (1.0.4)
      loofah (~> 2.2, >= 2.2.2)
    raindrops (0.19.0)
    rake (12.3.2)
    rake-version (1.0.1)
      rake (> 11.1)
    rb-fsevent (0.10.3)
    rb-inotify (0.10.0)
      ffi (~> 1.0)
    regexp_parser (1.6.0)
    require_all (2.0.0)
    rest-client (2.0.2)
      http-cookie (>= 1.0.2, < 2.0)
      mime-types (>= 1.16, < 4.0)
      netrc (~> 0.8)
    ruby-hidden-service (0.0.2)
      tor
    rubyzip (2.0.0)
    russian (0.6.0)
      i18n (>= 0.5.0)
    sass (3.7.3)
      sass-listen (~> 4.0.0)
    sass-listen (4.0.0)
      rb-fsevent (~> 0.9, >= 0.9.4)
      rb-inotify (~> 0.9, >= 0.9.7)
    scrypt (3.0.6)
      ffi-compiler (>= 1.0, < 2.0)
    selenium-webdriver (3.142.7)
      childprocess (>= 0.5, < 4.0)
      rubyzip (>= 1.2.2)
    sentry-raven (2.9.0)
      faraday (>= 0.7.6, < 1.0)
    sequel (4.39.0)
    sequel-pg-comment (2.0.1)
      git-version-bump (~> 0.10)
      sequel
    sibit (0.12.3)
      backtrace (~> 0.3)
      bitcoin (= 0.2.0)
      json (~> 2)
      slop (~> 4.6)
    sinatra (2.0.5)
      mustermann (~> 1.0)
      rack (~> 2.0)
      rack-protection (= 2.0.5)
      tilt (~> 2.0)
    sinatra-captcha (0.1.0.0)
    sinatra-contrib (2.0.5)
      backports (>= 2.8.2)
      multi_json
      mustermann (~> 1.0)
      rack-protection (= 2.0.5)
      sinatra (= 2.0.5)
      tilt (>= 1.3, < 3)
    sinatra-flash (0.3.0)
      sinatra (>= 1.0.0)
    sinatra-partial (1.0.1)
      sinatra (>= 1.4)
    sinatra-reloader (1.0)
      sinatra-contrib
    sinatra-sequel (0.9.0)
      sequel (>= 3.2.0)
      sinatra (>= 0.9.4)
    sinatra-support (1.2.2)
      sinatra (>= 1.0)
    slop (4.7.0)
    socksify (1.7.1)
    stackprof (0.2.12)
    telegram-bot-ruby (0.8.6.1)
      faraday
      inflecto
      virtus
    temple (0.8.1)
    thin (1.7.2)
      daemons (~> 1.0, >= 1.0.9)
      eventmachine (~> 1.0, >= 1.0.4)
      rack (>= 1, < 3)
    thread_safe (0.3.6)
    thwait (0.1.0)
    tilt (2.0.9)
    time_diff (0.3.0)
      activesupport
      i18n
    tor (0.1.2)
    trollop (1.16.2)
    twemoji (3.1.4)
      nokogiri (~> 1.6)
    tzinfo (1.2.5)
      thread_safe (~> 0.1)
    unf (0.1.4)
      unf_ext
    unf_ext (0.0.7.5)
    unicorn (5.5.0)
      kgio (~> 2.6)
      raindrops (~> 0.7)
    unicorn-worker-killer (0.4.4)
      get_process_mem (~> 0)
      unicorn (>= 4, < 6)
    version (1.1.1)
    virtus (1.0.5)
      axiom-types (~> 0.1)
      coercible (~> 1.0)
      descendants_tracker (~> 0.0, >= 0.0.3)
      equalizer (~> 0.0, >= 0.0.9)
    watir (6.16.5)
      regexp_parser (~> 1.2)
      selenium-webdriver (~> 3.6)
    watir-scroll (0.4.0)
      watir (>= 6.0)
    webrobots (0.1.2)
    will_paginate (3.1.7)
    yajl-ruby (1.4.1)

PLATFORMS
  ruby

DEPENDENCIES
  actionview
  activesupport
  anti_captcha
  bacon
  base62-rb
  block_io
  btce
  chartkick
  cloudinary
  colorize
  daemons
  ezcrypto
  faraday
  faraday_middleware
  geocoder
  google_currency
  groupdate
  haml
  hash_syntax
  hashids
  i18n
  kramdown
  logger
  mechanize
  money
  open_exchange_rates
  pg (= 0.21.0)
  privatbank
  public_suffix
  rack
  rack-timeout
  rake
  rake-version (~> 1.0)
  require_all
  ruby-hidden-service
  russian
  sass
  sentry-raven
  sequel (= 4.39.0)
  sequel-pg-comment
  sibit
  sinatra
  sinatra-captcha
  sinatra-contrib
  sinatra-flash
  sinatra-partial
  sinatra-reloader
  sinatra-sequel (= 0.9.0)
  sinatra-support
  socksify
  stackprof
  telegram-bot-ruby
  thin
  thwait
  time_diff
  tor
  twemoji
  unicorn
  unicorn-worker-killer
  version
  watir
  watir-scroll
  will_paginate (~> 3.1.1)

RUBY VERSION
   ruby 2.4.3p205

BUNDLED WITH
   1.17.3
